PATH
  remote: .
  specs:
    atome (0.1.00001)
      artoo (~> 1.8)
      faye-websocket (~> 0.1)
      guard (~> 2.1)
      guard-rake (~> 1.0)
      image_size (~> 3.0)
      mail (~> 2.1)
      opal (~> 1.4)
      opal-browser (~> 0.3)
      opal-jquery (~> 0.4)
      parser (~> 3.1)
      puma (~> 5.6)
      rack (~> 2.2)
      rack-unreloader (~> 1.8)
      rake (~> 13.0)
      roda (~> 3.5)
      rufus-scheduler (~> 3.8)
      sequel (~> 5.5)
      sqlite3 (~> 1.4)
      uglifier (~> 0.1)

GEM
  remote: https://rubygems.org/
  specs:
    artoo (1.8.2)
      celluloid (~> 0.16.0)
      celluloid-io (~> 0.16.0)
      http (~> 0.6.1)
      multi_json (~> 1.10.1)
      pry (~> 0.9.0)
      rake
      reel (~> 0.5.0)
      robeaux (= 0.4.1)
      thor (~> 0.19.1)
    ast (2.4.2)
    celluloid (0.16.0)
      timers (~> 4.0.0)
    celluloid-io (0.16.2)
      celluloid (>= 0.16.0)
      nio4r (>= 1.1.0)
    coderay (1.1.3)
    concurrent-ruby (1.1.10)
    et-orbi (1.2.7)
      tzinfo
    eventmachine (1.2.7)
    execjs (2.8.1)
    faye-websocket (0.11.1)
      eventmachine (>= 0.12.0)
      websocket-driver (>= 0.5.1)
    ffi (1.15.5)
    formatador (1.1.0)
    fugit (1.5.3)
      et-orbi (~> 1, >= 1.2.7)
      raabro (~> 1.4)
    guard (2.17.0)
      formatador (>= 0.2.4)
      listen (>= 2.7, < 4.0)
      lumberjack (>= 1.0.12, < 2.0)
      nenv (~> 0.1)
      notiffany (~> 0.0)
      pry (>= 0.9.12)
      shellany (~> 0.0)
      thor (>= 0.18.1)
    guard-rake (1.0.0)
      guard
      rake
    hitimes (2.0.0)
    http (0.6.4)
      http_parser.rb (~> 0.6.0)
    http_parser.rb (0.6.0)
    image_size (3.0.1)
    listen (3.7.1)
      rb-fsevent (~> 0.10, >= 0.10.3)
      rb-inotify (~> 0.9, >= 0.9.10)
    lumberjack (1.2.8)
    mail (2.7.1)
      mini_mime (>= 0.1.1)
    method_source (0.9.2)
    mini_mime (1.1.2)
    minitest (5.15.0)
    multi_json (1.10.1)
    nenv (0.3.0)
    nio4r (2.5.8)
    notiffany (0.1.3)
      nenv (~> 0.1)
      shellany (~> 0.0)
    opal (1.4.1)
      ast (>= 2.3.0)
      parser (~> 3.0, >= 3.0.3.2)
    opal-browser (0.3.3)
      opal (>= 1.0, < 2.0)
      paggio (>= 0.3.0)
    opal-jquery (0.4.6)
      opal (>= 0.10.0, < 2.0)
    paggio (0.3.0)
    parser (3.1.1.0)
      ast (~> 2.4.1)
    pry (0.9.12.6)
      coderay (~> 1.0)
      method_source (~> 0.8)
      slop (~> 3.4)
    puma (5.6.4)
      nio4r (~> 2.0)
    raabro (1.4.0)
    rack (2.2.3)
    rack-unreloader (1.8.0)
    rake (13.0.6)
    rb-fsevent (0.11.1)
    rb-inotify (0.10.1)
      ffi (~> 1.0)
    reel (0.5.0)
      celluloid (>= 0.15.1)
      celluloid-io (>= 0.15.0)
      http (>= 0.6.0.pre)
      http_parser.rb (>= 0.6.0)
      websocket_parser (>= 0.1.6)
    robeaux (0.4.1)
    roda (3.54.0)
      rack
    rufus-scheduler (3.8.1)
      fugit (~> 1.1, >= 1.1.6)
    sequel (5.55.0)
    shellany (0.0.1)
    slop (3.6.0)
    sqlite3 (1.4.2)
    thor (0.19.4)
    timers (4.0.4)
      hitimes
    tzinfo (2.0.4)
      concurrent-ruby (~> 1.0)
    uglifier (0.5.4)
      execjs (>= 0.3.0)
      multi_json (>= 1.0.2)
    websocket-driver (0.7.5)
      websocket-extensions (>= 0.1.0)
    websocket-extensions (0.1.5)
    websocket_parser (1.0.0)

PLATFORMS
  arm64-darwin-21

DEPENDENCIES
  atome!
  minitest (~> 5.0)
  rake (~> 13.0)

BUNDLED WITH
   2.3.10
